GEM
  remote: https://rubygems.org/
  specs:
    coderay (1.1.3)
    json (2.5.1)
    method_source (1.0.0)
    openssl (2.2.0)
    pry (0.14.0)
      coderay (~> 1.1)
      method_source (~> 1.0)
    uri (0.10.1)

PLATFORMS
  x86_64-darwin-19

DEPENDENCIES
  json
  openssl
  pry
  uri

BUNDLED WITH
   2.2.11
